GEM
  remote: https://rubygems.org/
  specs:
    google-search (1.0.3)
      json
    json (1.8.3)

PLATFORMS
  ruby

DEPENDENCIES
  google-search
